GIT
  remote: https://github.com/CDRH/datura.git
  revision: b680e70cfbc1ba83a89bccd6d501d87ed53490ca
  branch: new_fields
  specs:
    datura (0.2.0.pre.beta)
      colorize (~> 0.8.1)
      nokogiri (~> 1.10)
      rest-client (~> 2.1)

GEM
  remote: https://rubygems.org/
  specs:
    Ascii85 (1.1.0)
    activesupport (7.1.3)
      base64
      bigdecimal
      concurrent-ruby (~> 1.0, >= 1.0.2)
      connection_pool (>= 2.2.5)
      drb
      i18n (>= 1.6, < 2)
      minitest (>= 5.1)
      mutex_m
      tzinfo (~> 2.0)
    afm (0.2.2)
    base64 (0.2.0)
    bigdecimal (3.1.5)
    byebug (11.1.3)
    colorize (0.8.1)
    concurrent-ruby (1.2.3)
    connection_pool (2.4.1)
    domain_name (0.6.20240107)
    drb (2.2.0)
      ruby2_keywords
    faraday (2.9.0)
      faraday-net_http (>= 2.0, < 3.2)
    faraday-net_http (3.1.0)
      net-http
    geo_coord (0.2.0)
    hashery (2.1.2)
    http-accept (1.7.0)
    http-cookie (1.0.5)
      domain_name (~> 0.5)
    i18n (1.14.1)
      concurrent-ruby (~> 1.0)
    iiif-presentation (1.3.0)
      activesupport (>= 3.2.18)
      faraday (~> 2.7)
      geo_coord
      json
    json (2.7.1)
    mime-types (3.5.2)
      mime-types-data (~> 3.2015)
    mime-types-data (3.2023.1205)
    mini_portile2 (2.8.5)
    minitest (5.21.1)
    mutex_m (0.2.0)
    net-http (0.4.1)
      uri
    netrc (0.11.0)
    nokogiri (1.16.0)
      mini_portile2 (~> 2.8.2)
      racc (~> 1.4)
    pdf-reader (2.12.0)
      Ascii85 (~> 1.0)
      afm (~> 0.2.1)
      hashery (~> 2.0)
      ruby-rc4
      ttfunk
    racc (1.7.3)
    rest-client (2.1.0)
      http-accept (>= 1.7.0, < 2.0)
      http-cookie (>= 1.0.2, < 2.0)
      mime-types (>= 1.16, < 4.0)
      netrc (~> 0.8)
    ruby-rc4 (0.1.5)
    ruby2_keywords (0.0.5)
    ttfunk (1.7.0)
    tzinfo (2.0.6)
      concurrent-ruby (~> 1.0)
    uri (0.13.0)

PLATFORMS
  ruby

DEPENDENCIES
  byebug
  datura!
  iiif-presentation (~> 1.2)
  pdf-reader

BUNDLED WITH
   2.2.26
